GEM
  remote: https://rubygems.org/
  specs:
    cpf_cnpj (0.5.0)
    os (1.1.4)

PLATFORMS
  x86_64-linux

DEPENDENCIES
  cpf_cnpj (~> 0.5.0)
  os

BUNDLED WITH
   2.4.11
